PATH
  remote: .
  specs:
    giddy (0.0.5)
      httparty (>= 0.11.0)
      json (>= 1.8.0)

GEM
  remote: http://rubygems.org/
  specs:
    httparty (0.11.0)
      multi_json (~> 1.0)
      multi_xml (>= 0.5.2)
    json (1.8.0)
    multi_json (1.8.0)
    multi_xml (0.5.5)
    rake (10.1.0)
    rdoc (4.0.1)
      json (~> 1.4)

PLATFORMS
  ruby

DEPENDENCIES
  giddy!
  rake
  rdoc
